GEM
  remote: https://rubygems.org/
  specs:
    racc (1.4.11)

PLATFORMS
  ruby

DEPENDENCIES
  racc
